PATH
  remote: .
  specs:
    campfire-bot (1.0.0)
      activesupport (~> 3.0.3)
      i18n (~> 0.5.0)
      logging (~> 1.4.3)
      mime-types
      tinder (>= 1.4.3)
      twitter-stream (~> 0.1)

GEM
  remote: https://rubygems.org/
  specs:
    activesupport (3.0.17)
    eventmachine (1.0.0)
    faraday (0.8.4)
      multipart-post (~> 1.1)
    faraday_middleware (0.8.8)
      faraday (>= 0.7.4, < 0.9)
    hashie (1.2.0)
    http_parser.rb (0.5.3)
    i18n (0.5.0)
    json (1.7.5)
    little-plugger (1.1.3)
    logging (1.4.3)
      little-plugger (>= 1.1.2)
    mime-types (1.19)
    multi_json (1.3.6)
    multipart-post (1.1.5)
    simple_oauth (0.1.9)
    tinder (1.9.1)
      eventmachine (>= 0.12.0, < 2)
      faraday (~> 0.8)
      faraday_middleware (~> 0.8)
      hashie (~> 1.0)
      json (~> 1.6)
      mime-types (~> 1.16)
      multi_json (~> 1.0)
      multipart-post (~> 1.1)
      twitter-stream (~> 0.1)
    twitter-stream (0.1.16)
      eventmachine (>= 0.12.8)
      http_parser.rb (~> 0.5.1)
      simple_oauth (~> 0.1.4)

PLATFORMS
  ruby

DEPENDENCIES
  campfire-bot!
